ObjectType = Image
NDims = 4
BinaryData = True
BinaryDataByteOrderMSB = False
CompressedData = False
TransformMatrix = 1 0 0 0 0 1 0 0 0 0 1 0 0 0 0 1
Offset = -257.5 -257.5 -377.5 0
CenterOfRotation = 0 0 0 0
ElementSpacing = 5.0 5.0 5.0 1
DimSize = 104 104 152 250
HistoMin = 0.0
HistoMax = 10.0
ElementType = MET_FLOAT
ElementDataFile = vpg_gate9-tof.raw
