ObjectType = Image
NDims = 3
BinaryData = True
BinaryDataByteOrderMSB = False
CompressedData = False
TransformMatrix = 1 0 0 0 1 0 0 0 1
Offset = -250 -250 -1376.75
CenterOfRotation = 0 0 0
AnatomicalOrientation = RAI
ElementSpacing = 20 20 20
DimSize = 25 25 37
ElementType = MET_USHORT
ElementDataFile = labels.raw
