ObjectType = Image
NDims = 4
BinaryData = True
BinaryDataByteOrderMSB = False
CompressedData = False
TransformMatrix = 1 0 0 0 0 1 0 0 0 0 1 0 0 0 0 1
Offset = 0 0 0 0
CenterOfRotation = 0 0 0 0
ElementSpacing = 40 40 40 1
HistoMin = 0
HistoMax = 5
TotalSum = 0.127238
DimSize = 1 1 1 250
AnatomicalOrientation = ????
ElementType = MET_FLOAT
ElementDataFile = source_vpg_Oxygen-tof.raw
